GEM
  remote: https://rubygems.org/
  specs:
    activesupport (3.2.3)
      i18n (~> 0.6)
      multi_json (~> 1.0)
    i18n (0.6.0)
    multi_json (1.3.6)
    thor (0.15.2)

PLATFORMS
  ruby

DEPENDENCIES
  activesupport
  thor
